GIT
  remote: https://github.com/ChaosData/drab.git
  revision: 3d72bfeec0b6363a318ecce4c71307f1fc129f18
  specs:
    drab (0.1.0)
      marshal-structure (~> 2.0)

PATH
  remote: .
  specs:
    pray-remote (0.1.0)
      drab (~> 0.1.0)
      pry (~> 0.9)
      slop (~> 3.0)

GEM
  remote: https://rubygems.org/
  specs:
    coderay (1.1.1)
    diff-lcs (1.3)
    ffi (1.9.18)
    ffi (1.9.18-java)
    marshal-structure (2.0)
    method_source (0.8.2)
    pry (0.10.4)
      coderay (~> 1.1.0)
      method_source (~> 0.8.1)
      slop (~> 3.4)
    pry (0.10.4-java)
      coderay (~> 1.1.0)
      method_source (~> 0.8.1)
      slop (~> 3.4)
      spoon (~> 0.0)
    rake (10.5.0)
    rspec (3.6.0)
      rspec-core (~> 3.6.0)
      rspec-expectations (~> 3.6.0)
      rspec-mocks (~> 3.6.0)
    rspec-core (3.6.0)
      rspec-support (~> 3.6.0)
    rspec-expectations (3.6.0)
      diff-lcs (>= 1.2.0, < 2.0)
      rspec-support (~> 3.6.0)
    rspec-mocks (3.6.0)
      diff-lcs (>= 1.2.0, < 2.0)
      rspec-support (~> 3.6.0)
    rspec-support (3.6.0)
    slop (3.6.0)
    spoon (0.0.6)
      ffi

PLATFORMS
  java
  ruby

DEPENDENCIES
  bundler (~> 1.13)
  drab!
  pray-remote!
  rake (~> 10.0)
  rspec (~> 3.0)

BUNDLED WITH
   1.15.4
